PATH
  remote: .
  specs:
    turbo_flash (2.0.1)

GEM
  remote: https://rubygems.org/
  specs:

PLATFORMS
  ruby

DEPENDENCIES
  turbo_flash!

BUNDLED WITH
   2.4.6
